PATH
  remote: .
  specs:
    the_array_comparator (0.5.0)
      activesupport

GEM
  remote: https://rubygems.org/
  specs:
    activesupport (4.2.1)
      i18n (~> 0.7)
      json (~> 1.7, >= 1.7.7)
      minitest (~> 5.1)
      thread_safe (~> 0.3, >= 0.3.4)
      tzinfo (~> 1.1)
    arrayfields (4.9.2)
    aruba (0.6.2)
      childprocess (>= 0.3.6)
      cucumber (>= 1.1.1)
      rspec-expectations (>= 2.7.0)
    awesome_print (1.6.1)
    binding_of_caller (0.7.2)
      debug_inspector (>= 0.0.1)
    builder (3.2.2)
    byebug (4.0.5)
      columnize (= 0.9.0)
    childprocess (0.5.6)
      ffi (~> 1.0, >= 1.0.11)
    chronic (0.10.2)
    churn (1.0.2)
      chronic (>= 0.2.3)
      hirb
      json_pure
      main
      rest-client (>= 1.6.0)
      ruby_parser (~> 3.0)
      sexp_processor (~> 4.1)
    coderay (1.1.0)
    columnize (0.9.0)
    cucumber (2.0.0)
      builder (>= 2.1.2)
      cucumber-core (~> 1.1.3)
      diff-lcs (>= 1.1.3)
      gherkin (~> 2.12)
      multi_json (>= 1.7.5, < 2.0)
      multi_test (>= 0.1.2)
    cucumber-core (1.1.3)
      gherkin (~> 2.12.0)
    debug_inspector (0.0.2)
    diff-lcs (1.2.5)
    docile (1.1.5)
    domain_name (0.5.23)
      unf (>= 0.0.5, < 1.0.0)
    fattr (2.2.2)
    fedux_org-stdlib (0.11.16)
      activesupport
    ffaker (2.0.0)
    ffi (1.9.8)
    fuubar (2.0.0)
      rspec (~> 3.0)
      ruby-progressbar (~> 1.4)
    gherkin (2.12.2)
      multi_json (~> 1.3)
    github-markup (1.3.3)
    hirb (0.7.3)
    http-cookie (1.0.2)
      domain_name (~> 0.5)
    i18n (0.7.0)
    interception (0.5)
    json (1.8.2)
    json_pure (1.8.2)
    main (6.1.0)
      arrayfields (>= 4.7.4)
      chronic (>= 0.6.2)
      fattr (>= 2.2.0)
      map (>= 5.1.0)
    map (6.5.5)
    method_source (0.8.2)
    mime-types (2.4.3)
    minitest (5.5.1)
    multi_json (1.11.0)
    multi_test (0.1.2)
    netrc (0.10.3)
    pry (0.10.1)
      coderay (~> 1.1.0)
      method_source (~> 0.8.1)
      slop (~> 3.4)
    pry-byebug (3.1.0)
      byebug (~> 4.0)
      pry (~> 0.10)
    pry-doc (0.6.0)
      pry (~> 0.9)
      yard (~> 0.8)
    pry-rescue (1.4.1)
      interception (>= 0.5)
      pry
    pry-stack_explorer (0.4.9.2)
      binding_of_caller (>= 0.7)
      pry (>= 0.9.11)
    rake (10.4.2)
    redcarpet (3.2.3)
    rest-client (1.8.0)
      http-cookie (>= 1.0.2, < 2.0)
      mime-types (>= 1.16, < 3.0)
      netrc (~> 0.7)
    rspec (3.2.0)
      rspec-core (~> 3.2.0)
      rspec-expectations (~> 3.2.0)
      rspec-mocks (~> 3.2.0)
    rspec-core (3.2.3)
      rspec-support (~> 3.2.0)
    rspec-expectations (3.2.1)
      diff-lcs (>= 1.2.0, < 2.0)
      rspec-support (~> 3.2.0)
    rspec-mocks (3.2.1)
      diff-lcs (>= 1.2.0, < 2.0)
      rspec-support (~> 3.2.0)
    rspec-support (3.2.2)
    ruby-progressbar (1.7.5)
    ruby_parser (3.6.5)
      sexp_processor (~> 4.1)
    sexp_processor (4.5.0)
    simplecov (0.9.2)
      docile (~> 1.1.0)
      multi_json (~> 1.0)
      simplecov-html (~> 0.9.0)
    simplecov-html (0.9.0)
    slop (3.6.0)
    thor (0.19.1)
    thread_safe (0.3.5)
    tmrb (1.2.7)
      thor
    travis-lint (2.0.0)
      json
    tzinfo (1.2.2)
      thread_safe (~> 0.1)
    unf (0.1.4)
      unf_ext
    unf_ext (0.0.6)
    yard (0.8.7.6)

PLATFORMS
  ruby

DEPENDENCIES
  activesupport
  aruba
  awesome_print
  byebug
  churn
  fedux_org-stdlib
  ffaker
  fuubar
  github-markup
  pry
  pry-byebug
  pry-doc
  pry-rescue
  pry-stack_explorer
  rake
  redcarpet
  rspec
  simplecov
  the_array_comparator!
  tmrb
  travis-lint
  yard
